PATH
  remote: .
  specs:
    blaze_rails (1.0)

GEM
  remote: https://rubygems.org/
  specs:
    rake (10.5.0)

PLATFORMS
  ruby

DEPENDENCIES
  blaze_rails!
  bundler (~> 1.12)
  rake (~> 10.0)

BUNDLED WITH
   1.12.5
